GEM
  remote: https://rubygems.org/
  specs:
    hash-deep-merge (0.1.1)

PLATFORMS
  ruby

DEPENDENCIES
  hash-deep-merge

BUNDLED WITH
   1.11.2
